GEM
  remote: https://rubygems.org/
  specs:
    activesupport (4.2.11.3)
      i18n (~> 0.7)
      minitest (~> 5.1)
      thread_safe (~> 0.3, >= 0.3.4)
      tzinfo (~> 1.1)
    addressable (2.5.1)
      public_suffix (~> 2.0, >= 2.0.2)
    autoprefixer-rails (9.5.0)
      execjs
    awesome_print (1.2.0)
    bootstrap-sass (3.4.1)
      autoprefixer-rails (>= 5.2.1)
      sassc (>= 2.0.0)
    capistrano (3.2.1)
      i18n
      rake (>= 10.0.0)
      sshkit (~> 1.3)
    capybara (2.4.4)
      mime-types (>= 1.16)
      nokogiri (>= 1.3.3)
      rack (>= 1.0.0)
      rack-test (>= 0.5.4)
      xpath (~> 2.0)
    chunky_png (1.4.0)
    coderay (1.1.2)
    coffee-script (2.4.1)
      coffee-script-source
      execjs
    coffee-script-source (1.12.2)
    colored (1.2)
    colorize (0.7.7)
    compass (1.0.3)
      chunky_png (~> 1.2)
      compass-core (~> 1.0.2)
      compass-import-once (~> 1.0.5)
      rb-fsevent (>= 0.9.3)
      rb-inotify (>= 0.9)
      sass (>= 3.3.13, < 3.5)
    compass-core (1.0.3)
      multi_json (~> 1.0)
      sass (>= 3.3.0, < 3.5)
    compass-import-once (1.0.5)
      sass (>= 3.2, < 3.5)
    erubis (2.7.0)
    execjs (2.8.1)
    faraday (0.12.1)
      multipart-post (>= 1.2, < 3)
    faraday_middleware (0.11.0.1)
      faraday (>= 0.7.4, < 1.0)
    ffi (1.15.5)
    font-awesome-middleman (4.5.0)
      middleman-core (~> 3.0)
    haml (6.0.3)
      temple (>= 0.8.2)
      thor
      tilt
    highline (1.7.8)
    hike (1.2.3)
    hooks (0.4.1)
      uber (~> 0.0.14)
    i18n (0.7.0)
    jquery-middleman (3.0.4)
      thor (>= 0.14, < 2.0)
    json (2.6.2)
    kramdown (1.17.0)
    libv8 (3.16.14.19)
    listen (3.0.8)
      rb-fsevent (~> 0.9, >= 0.9.4)
      rb-inotify (~> 0.9, >= 0.9.7)
    method_source (0.9.0)
    middleman (3.4.1)
      coffee-script (~> 2.2)
      compass (>= 1.0.0, < 2.0.0)
      compass-import-once (= 1.0.5)
      execjs (~> 2.0)
      haml (>= 4.0.5)
      kramdown (~> 1.2)
      middleman-core (= 3.4.1)
      middleman-sprockets (>= 3.1.2)
      sass (>= 3.4.0, < 4.0)
      uglifier (~> 2.5)
    middleman-core (3.4.1)
      activesupport (~> 4.1)
      bundler (~> 1.1)
      capybara (~> 2.4.4)
      erubis
      hooks (~> 0.3)
      i18n (~> 0.7.0)
      listen (~> 3.0.3)
      padrino-helpers (~> 0.12.3)
      rack (>= 1.4.5, < 2.0)
      thor (>= 0.15.2, < 2.0)
      tilt (~> 1.4.1, < 2.0)
    middleman-sprockets (3.5.0)
      middleman-core (>= 3.3)
      sprockets (~> 2.12.1)
      sprockets-helpers (~> 1.1.0)
      sprockets-sass (~> 1.3.0)
    middleman-syntax (2.0.0)
      middleman-core (~> 3.2)
      rouge (~> 1.0)
    mime-types (3.4.1)
      mime-types-data (~> 3.2015)
    mime-types-data (3.2022.0105)
    mini_portile2 (2.8.0)
    minitest (5.16.3)
    multi_json (1.15.0)
    multipart-post (2.0.0)
    mustache (0.99.8)
    net-scp (1.2.1)
      net-ssh (>= 2.6.5)
    net-ssh (2.9.2)
    nokogiri (1.13.8)
      mini_portile2 (~> 2.8.0)
      racc (~> 1.4)
    padrino-helpers (0.12.9)
      i18n (~> 0.6, >= 0.6.7)
      padrino-support (= 0.12.9)
      tilt (>= 1.4.1, < 3)
    padrino-support (0.12.9)
      activesupport (>= 3.1)
    pry (0.11.3)
      coderay (~> 1.1.0)
      method_source (~> 0.9.0)
    pry-doc (0.11.1)
      pry (~> 0.9)
      yard (~> 0.9)
    public_suffix (2.0.5)
    racc (1.6.0)
    rack (1.6.11)
    rack-test (2.0.2)
      rack (>= 1.3)
    rake (10.3.2)
    rb-fsevent (0.11.2)
    rb-inotify (0.10.1)
      ffi (~> 1.0)
    ref (2.0.0)
    response_mate (0.4.1)
      activesupport
      addressable
      awesome_print
      colorize (> 0.7.5)
      faraday
      faraday_middleware
      highline
      mustache (< 1.0.0)
      thor (~> 0.19)
    rouge (1.5.1)
    sass (3.4.25)
    sassc (2.0.1)
      ffi (~> 1.9)
      rake
    sprockets (2.12.5)
      hike (~> 1.2)
      multi_json (~> 1.0)
      rack (~> 1.0)
      tilt (~> 1.1, != 1.3.0)
    sprockets-helpers (1.1.0)
      sprockets (~> 2.0)
    sprockets-sass (1.3.1)
      sprockets (~> 2.0)
      tilt (~> 1.1)
    sshkit (1.7.1)
      colorize (>= 0.7.0)
      net-scp (>= 1.1.2)
      net-ssh (>= 2.8.0)
    temple (0.8.2)
    therubyracer (0.12.3)
      libv8 (~> 3.16.14.15)
      ref
    thor (0.20.3)
    thread_safe (0.3.6)
    tilt (1.4.1)
    tzinfo (1.2.10)
      thread_safe (~> 0.1)
    uber (0.0.15)
    uglifier (2.7.2)
      execjs (>= 0.3.0)
      json (>= 1.8.0)
    xpath (2.1.0)
      nokogiri (~> 1.3)
    yard (0.9.12)

PLATFORMS
  ruby

DEPENDENCIES
  awesome_print
  bootstrap-sass (~> 3.4.1)
  capistrano (~> 3.2.1)
  colored
  font-awesome-middleman (~> 4.5.0)
  jquery-middleman (~> 3.0.4)
  json (~> 2.6.2)
  middleman (~> 3.4)
  middleman-syntax (~> 2.0.0)
  pry
  pry-doc
  rack (~> 1.6.11)
  response_mate (~> 0.4.1)
  sprockets (~> 2.12.5)
  therubyracer (~> 0.12.3)

BUNDLED WITH
   1.13.6
