GEM
  remote: http://rubygems.org/
  remote: https://rubygems.skroutz.gr/
  specs:
    activesupport (4.0.2)
      i18n (~> 0.6, >= 0.6.4)
      minitest (~> 4.2)
      multi_json (~> 1.3)
      thread_safe (~> 0.1)
      tzinfo (~> 0.3.37)
    addressable (2.3.5)
    adsf (1.2.0)
      rack (>= 1.0.0)
    atomic (1.1.14)
    awesome_print (1.2.0)
    builder (3.2.2)
    celluloid (0.15.2)
      timers (~> 1.1.0)
    coderay (1.1.0)
    colored (1.2)
    cri (2.4.1)
      colored (>= 1.2)
    daemons (1.1.9)
    eventmachine (1.0.3)
    faraday (0.8.9)
      multipart-post (~> 1.2.0)
    faraday_middleware (0.9.0)
      faraday (>= 0.7.4, < 0.9)
    ffi (1.9.3)
    formatador (0.2.4)
    fssm (0.2.10)
    guard (2.2.5)
      formatador (>= 0.2.4)
      listen (~> 2.1)
      lumberjack (~> 1.0)
      pry (>= 0.9.12)
      thor (>= 0.18.1)
    guard-nanoc (1.0.2)
      guard (>= 1.8.0)
      nanoc (>= 3.6.3)
    highline (1.6.20)
    i18n (0.6.9)
    kramdown (0.13.8)
    listen (2.4.0)
      celluloid (>= 0.15.2)
      rb-fsevent (>= 0.9.3)
      rb-inotify (>= 0.9)
    lumberjack (1.0.4)
    method_source (0.8.2)
    mime-types (1.25.1)
    minitest (4.7.5)
    multi_json (1.8.4)
    multipart-post (1.2.0)
    mustache (0.99.5)
    nanoc (3.7.1)
      cri (~> 2.3)
    nokogiri (1.4.7)
    posix-spawn (0.3.8)
    pry (0.9.12.4)
      coderay (~> 1.0)
      method_source (~> 0.8)
      slop (~> 3.4)
    pry-doc (0.5.1)
      pry (>= 0.9)
      yard (>= 0.8)
    pygments.rb (0.5.4)
      posix-spawn (~> 0.3.6)
      yajl-ruby (~> 1.1.0)
    rack (1.5.2)
    rake (0.9.6)
    rb-fsevent (0.9.4)
    rb-inotify (0.9.3)
      ffi (>= 0.5.0)
    response_mate (0.1.14)
      activesupport
      addressable
      awesome_print
      colored
      faraday
      faraday_middleware
      highline
      mustache
      thor (~> 0.18.1)
    response_mate-nanoc (0.0.7)
      activesupport
      response_mate (~> 0.1.6)
    sass (3.2.13)
    slop (3.4.7)
    thin (1.6.1)
      daemons (>= 1.0.9)
      eventmachine (>= 1.0.0)
      rack (>= 1.0.0)
    thor (0.18.1)
    thread_safe (0.1.3)
      atomic
    timers (1.1.0)
    tzinfo (0.3.38)
    yajl-ruby (1.1.0)
    yard (0.8.7.2)

PLATFORMS
  ruby

DEPENDENCIES
  addressable
  adsf
  awesome_print
  builder
  coderay
  colored
  faraday
  faraday_middleware
  fssm
  guard
  guard-nanoc
  kramdown (~> 0.13.2)
  mime-types (~> 1.16)
  nanoc
  nokogiri (~> 1.4.4)
  pry
  pry-doc
  pygments.rb
  rake (~> 0.9.2)
  response_mate
  response_mate-nanoc
  sass
  thin
