GEM
  remote: http://rubygems.org/
  specs:
    adsf (1.1.1)
      rack (>= 1.0.0)
    awesome_print (1.1.0)
    builder (3.2.2)
    coderay (1.1.0)
    colored (1.2)
    cri (2.4.0)
      colored (>= 1.2)
    daemons (1.1.9)
    eventmachine (1.0.3)
    faraday (0.8.8)
      multipart-post (~> 1.2.0)
    faraday_middleware (0.9.0)
      faraday (>= 0.7.4, < 0.9)
    ffi (1.9.0)
    fssm (0.2.10)
    guard (1.0.1)
      ffi (>= 0.5.0)
      thor (~> 0.14.6)
    guard-nanoc (1.0.0)
    kramdown (0.13.8)
    method_source (0.8.2)
    mime-types (1.25)
    multipart-post (1.2.0)
    nanoc (3.6.4)
      cri (~> 2.3)
    nokogiri (1.4.7)
    posix-spawn (0.3.6)
    pry (0.9.6)
      coderay (>= 0.9.8)
      method_source (>= 0.6.5)
      ruby_parser (>= 2.0.5)
      slop (~> 2.1.0)
    pygments.rb (0.5.2)
      posix-spawn (~> 0.3.6)
      yajl-ruby (~> 1.1.0)
    rack (1.5.2)
    rake (0.9.6)
    ruby_parser (3.2.2)
      sexp_processor (~> 4.1)
    sexp_processor (4.3.0)
    slop (2.1.0)
    thin (1.5.1)
      daemons (>= 1.0.9)
      eventmachine (>= 0.12.6)
      rack (>= 1.0.0)
    thor (0.14.6)
    yajl-ruby (1.1.0)

PLATFORMS
  ruby

DEPENDENCIES
  adsf
  awesome_print
  builder
  coderay
  faraday
  faraday_middleware
  fssm
  guard
  guard-nanoc
  kramdown (~> 0.13.2)
  mime-types (~> 1.16)
  nanoc
  nokogiri (~> 1.4.4)
  pry
  pygments.rb
  rake (~> 0.9.2)
  thin
